GEM
  remote: http://rubygems.org/
  specs:
    bourbon (1.3.6)
      sass (>= 3.1)
    rack (1.2.1)
    sass (3.1.1)
    sinatra (1.1.2)
      rack (~> 1.1)
      sass (= 3.1.1)
      tilt (~> 1.2)
    tilt (1.2.2)

PLATFORMS
  ruby

DEPENDENCIES
  bourbon
  sass
  sinatra
